GEM
  remote: http://rubygems.org/
  specs:
    activemodel (3.0.5)
      activesupport (= 3.0.5)
      builder (~> 2.1.2)
      i18n (~> 0.4)
    activerecord (3.0.5)
      activemodel (= 3.0.5)
      activesupport (= 3.0.5)
      arel (~> 2.0.2)
      tzinfo (~> 0.3.23)
    activesupport (3.0.5)
    arel (2.0.10)
    builder (2.1.2)
    git (1.2.5)
    i18n (0.6.0)
    jeweler (1.6.4)
      bundler (~> 1.0)
      git (>= 1.2.5)
      rake
    rake (0.9.2)
    rcov (0.9.10)
    tzinfo (0.3.29)
    vertica (0.8.1)
    yard (0.6.8)

PLATFORMS
  ruby

DEPENDENCIES
  activerecord (~> 3.0.5)
  bundler (~> 1.0.0)
  jeweler (~> 1.6.4)
  rcov
  vertica (~> 0.8.1)
  yard (~> 0.6.0)
